PATH
  remote: ../pedal
  specs:
    pedal (0.0.1)
      blankslate
      handlebars
      multi_json (~> 1.3.4)
      thor (~> 0.15.2)
      tilt
      webmachine (~> 0.4.2)

GEM
  remote: https://rubygems.org/
  specs:
    blankslate (2.1.2.4)
    commonjs (0.2.6)
    handlebars (0.3.1)
      commonjs (~> 0.2.3)
      therubyracer (~> 0.10.0)
    i18n (0.6.0)
    kgio (2.7.4)
    libv8 (3.3.10.4)
    multi_json (1.3.5)
    rack (1.4.1)
    raindrops (0.8.1)
    therubyracer (0.10.1)
      libv8 (~> 3.3.10)
    thor (0.15.2)
    tilt (1.3.3)
    unicorn (4.3.1)
      kgio (~> 2.6)
      rack
      raindrops (~> 0.7)
    webmachine (0.4.2)
      i18n (>= 0.4.0)

PLATFORMS
  ruby

DEPENDENCIES
  pedal!
  rack
  unicorn
